GEM
  remote: https://rubygems.org/
  specs:
    ParseTree (3.0.9)
      RubyInline (~> 3.9.0)
      sexp_processor (~> 3.2.0)
    RubyInline (3.9.0)
      ZenTest (~> 4.3)
    ZenTest (4.11.2)
    activemodel (3.0.1)
      activesupport (= 3.0.1)
      builder (~> 2.1.2)
      i18n (~> 0.4.1)
    activerecord (3.0.1)
      activemodel (= 3.0.1)
      activesupport (= 3.0.1)
      arel (~> 1.0.0)
      tzinfo (~> 0.3.23)
    activesupport (3.0.1)
    addressable (2.0.2)
    arel (1.0.1)
      activesupport (~> 3.0.0)
    benschwarz-merb-cache (1.0.0)
      merb-core (>= 1.0)
    builder (2.1.2)
    data_objects (0.9.12)
      addressable (~> 2.0.0)
      extlib (~> 0.9.12)
    diff-lcs (1.3)
    dm-aggregates (0.9.11)
      dm-core (= 0.9.11)
    dm-core (0.9.11)
      addressable (~> 2.0.2)
      data_objects (~> 0.9.11)
      extlib (~> 0.9.11)
    dm-migrations (0.9.11)
      dm-core (= 0.9.11)
    dm-sweatshop (0.9.11)
      dm-core (= 0.9.11)
      randexp (~> 0.1.4)
    dm-timestamps (0.9.11)
      dm-core (= 0.9.11)
    dm-types (0.9.11)
      addressable (~> 2.0.2)
      dm-core (= 0.9.11)
    dm-validations (0.9.11)
      dm-core (= 0.9.11)
    do_sqlite3 (0.9.12)
      addressable (~> 2.0.0)
      data_objects (= 0.9.12)
      extlib (~> 0.9.12)
    erubis (2.7.0)
    extlib (0.9.16)
    haml (5.0.4)
      temple (>= 0.8.0)
      tilt
    highline (2.0.1)
    htmlentities (4.2.1)
    i18n (0.4.2)
    json_pure (2.1.0)
    mailfactory (1.4.0)
      mime-types (>= 1.13.1)
    map_by_method (0.8.3)
    merb (1.0.8)
      dm-aggregates (~> 0.9.9)
      dm-core (~> 0.9.9)
      dm-migrations (~> 0.9.9)
      dm-sweatshop (~> 0.9.9)
      dm-timestamps (~> 0.9.9)
      dm-types (~> 0.9.9)
      dm-validations (~> 0.9.9)
      do_sqlite3 (~> 0.9.9)
      merb-core (= 1.0.8)
      merb-more (= 1.0.8)
      merb_datamapper (= 1.0.8)
    merb-action-args (1.0.8)
      ParseTree (>= 2.1.1)
      merb-core (>= 1.0.8)
      ruby2ruby (>= 1.1.9)
    merb-assets (1.0.8)
      merb-core (>= 1.0.8)
    merb-auth (1.0.8)
      merb-auth-core (~> 1.0.8)
      merb-auth-more (~> 1.0.8)
      merb-auth-slice-password (~> 1.0.8)
      merb-core (~> 1.0.8)
    merb-auth-core (1.0.8)
      extlib
      merb-core (~> 1.0.8)
    merb-auth-more (1.0.8)
      merb-auth-core (>= 1.0.8)
    merb-auth-slice-password (1.0.8)
      merb-auth-core (>= 1.0.8)
      merb-auth-more (>= 1.0.8)
      merb-slices (>= 1.0.8)
    merb-cache (1.0.8)
      merb-core (>= 1.0.8)
    merb-core (1.0.8)
      erubis (>= 2.6.2)
      extlib (>= 0.9.8)
      json_pure
      mime-types
      rack
      rake
      rspec
      thor (>= 0.9.9)
    merb-exceptions (1.0.8)
      merb-core (>= 1.0.8)
    merb-gen (1.0.8)
      merb-core (>= 1.0.8)
      templater (>= 0.3.3)
    merb-haml (1.0.8)
      haml (>= 2.0.3)
      merb-core (= 1.0.8)
    merb-helpers (1.0.8)
      merb-core (>= 1.0.8)
    merb-mailer (1.0.8)
      mailfactory (>= 1.2.3)
      merb-core (>= 1.0.8)
    merb-more (1.0.8)
      merb-action-args (= 1.0.8)
      merb-assets (= 1.0.8)
      merb-auth (= 1.0.8)
      merb-cache (= 1.0.8)
      merb-core (>= 1.0.8)
      merb-exceptions (= 1.0.8)
      merb-gen (= 1.0.8)
      merb-haml (= 1.0.8)
      merb-helpers (= 1.0.8)
      merb-mailer (= 1.0.8)
      merb-param-protection (= 1.0.8)
      merb-slices (= 1.0.8)
    merb-param-protection (1.0.8)
      merb-core (>= 1.0.8)
    merb-slices (1.0.8)
      merb-core (>= 1.0.8)
    merb_datamapper (1.0.8)
      dm-core (>= 0.9.5)
      dm-migrations (>= 0.9.5)
      merb-core (~> 1.0.8)
    merb_helpers (0.9.7)
      merb-core (>= 0.9.7)
    mime-types (3.2.2)
      mime-types-data (~> 3.2015)
    mime-types-data (3.2018.0812)
    puma (3.12.0)
    rack (2.0.6)
    rake (12.3.2)
    randexp (0.1.7)
    rspec (3.8.0)
      rspec-core (~> 3.8.0)
      rspec-expectations (~> 3.8.0)
      rspec-mocks (~> 3.8.0)
    rspec-core (3.8.0)
      rspec-support (~> 3.8.0)
    rspec-expectations (3.8.2)
      diff-lcs (>= 1.2.0, < 2.0)
      rspec-support (~> 3.8.0)
    rspec-mocks (3.8.0)
      diff-lcs (>= 1.2.0, < 2.0)
      rspec-support (~> 3.8.0)
    rspec-support (3.8.0)
    ruby2ruby (1.3.1)
      ruby_parser (~> 2.0)
      sexp_processor (~> 3.0)
    ruby_parser (2.3.1)
      sexp_processor (~> 3.0)
    sexp_processor (3.2.0)
    templater (1.0.0)
      diff-lcs (>= 1.1.2)
      extlib (>= 0.9.5)
      highline (>= 1.4.0)
    temple (0.8.0)
    thor (0.20.3)
    tilt (2.0.9)
    tzinfo (0.3.55)

PLATFORMS
  ruby

DEPENDENCIES
  activerecord (= 3.0.1)
  benschwarz-merb-cache (= 1.0.0)
  htmlentities (= 4.2.1)
  map_by_method (= 0.8.3)
  merb (= 1.0.8)
  merb_helpers (= 0.9.7)
  puma

BUNDLED WITH
   2.0.1
